PATH
  remote: .
  specs:
    ruby-kafka (0.3.15)

GEM
  remote: https://rubygems.org/
  specs:
    snappy (0.0.16)

PLATFORMS
  ruby

DEPENDENCIES
  ruby-kafka!

RUBY VERSION
   ruby 2.2.3p173

BUNDLED WITH
   1.13.6
