PATH
  remote: .
  specs:
    ruby-kafka (0.3.15)

GEM
  remote: https://rubygems.org/
  specs:
    coderay (1.1.2)
    method_source (0.9.0)
    pry (0.11.2)
      coderay (~> 1.1.0)
      method_source (~> 0.9.0)

PLATFORMS
  ruby

DEPENDENCIES
  ruby-kafka!

RUBY VERSION
   ruby 2.2.3p173

BUNDLED WITH
   1.13.6
